PATH
  remote: .
  specs:
    motion-conf (1.0)

GEM
  remote: https://rubygems.org/
  specs:
    rake (10.3.2)

PLATFORMS
  ruby

DEPENDENCIES
  motion-conf!
  rake
